GEM
  remote: https://rubygems.org/
  specs:
    activesupport (6.0.3.1)
      concurrent-ruby (~> 1.0, >= 1.0.2)
      i18n (>= 0.7, < 2)
      minitest (~> 5.1)
      tzinfo (~> 1.1)
      zeitwerk (~> 2.2, >= 2.2.2)
    allure-cucumber (2.13.8)
      allure-ruby-commons (= 2.13.8)
      cucumber (>= 4.0.0, < 6)
    allure-ruby-commons (2.13.8)
      mime-types (>= 3.3, < 4)
      oj (>= 3.10, < 4)
      require_all (>= 2, < 4)
      uuid (>= 2.3, < 3)
    builder (3.2.4)
    concurrent-ruby (1.1.6)
    cucumber (4.0.0)
      builder (~> 3.2, >= 3.2.3)
      cucumber-core (~> 7.0, >= 7.0.0)
      cucumber-cucumber-expressions (~> 10.1, >= 10.1.0)
      cucumber-gherkin (~> 13.0, >= 13.0.0)
      cucumber-html-formatter (~> 6.0, >= 6.0.1)
      cucumber-messages (~> 12.1, >= 12.1.1)
      cucumber-wire (~> 3.0, >= 3.0.0)
      diff-lcs (~> 1.3, >= 1.3)
      multi_test (~> 0.1, >= 0.1.2)
      sys-uname (~> 1.0, >= 1.0.2)
    cucumber-core (7.0.0)
      cucumber-gherkin (~> 13.0, >= 13.0.0)
      cucumber-messages (~> 12.1, >= 12.1.1)
      cucumber-tag-expressions (~> 2.0, >= 2.0.4)
    cucumber-cucumber-expressions (10.2.0)
    cucumber-gherkin (13.0.0)
      cucumber-messages (~> 12.0, >= 12.0.0)
    cucumber-html-formatter (6.0.3)
      cucumber-messages (~> 12.1, >= 12.1.1)
    cucumber-messages (12.1.1)
      protobuf-cucumber (~> 3.10, >= 3.10.8)
    cucumber-tag-expressions (2.0.4)
    cucumber-wire (3.0.0)
      cucumber-core (~> 7.0, >= 7.0.0)
      cucumber-cucumber-expressions (~> 10.1, >= 10.1.0)
      cucumber-messages (~> 12.1, >= 12.1.1)
    diff-lcs (1.3)
    factory_bot (5.2.0)
      activesupport (>= 4.2.0)
    ffi (1.13.1)
    ffi (1.13.1-x64-mingw32)
    httparty (0.18.1)
      mime-types (~> 3.0)
      multi_xml (>= 0.5.2)
    i18n (1.8.3)
      concurrent-ruby (~> 1.0)
    macaddr (1.7.2)
      systemu (~> 2.6.5)
    middleware (0.1.0)
    mime-types (3.3.1)
      mime-types-data (~> 3.2015)
    mime-types-data (3.2020.0512)
    minitest (5.14.1)
    multi_test (0.1.2)
    multi_xml (0.6.0)
    oj (3.11.3)
    protobuf-cucumber (3.10.8)
      activesupport (>= 3.2)
      middleware
      thor
      thread_safe
    require_all (3.0.0)
    rspec (3.9.0)
      rspec-core (~> 3.9.0)
      rspec-expectations (~> 3.9.0)
      rspec-mocks (~> 3.9.0)
    rspec-core (3.9.2)
      rspec-support (~> 3.9.3)
    rspec-expectations (3.9.2)
      diff-lcs (>= 1.2.0, < 2.0)
      rspec-support (~> 3.9.0)
    rspec-mocks (3.9.1)
      diff-lcs (>= 1.2.0, < 2.0)
      rspec-support (~> 3.9.0)
    rspec-support (3.9.3)
    sys-uname (1.2.1)
      ffi (>= 1.0.0)
    systemu (2.6.5)
    thor (1.0.1)
    thread_safe (0.3.6)
    tzinfo (1.2.7)
      thread_safe (~> 0.1)
    uuid (2.3.9)
      macaddr (~> 1.0)
    zeitwerk (2.3.0)

PLATFORMS
  x64-mingw32
  x86_64-linux

DEPENDENCIES
  allure-cucumber (= 2.13.8)
  cucumber
  factory_bot
  httparty
  rspec

BUNDLED WITH
   2.2.14
